GIT
  remote: git://github.com/rkh/rack.git
  revision: 8d2cb75f5be5d0de5b50128c37909d26a42fae93
  specs:
    rack (1.4.1)

GIT
  remote: git://github.com/rkh/sinatra.git
  revision: 41840746e866e8e8e9a0eaafc53d8b9fe6615b12
  specs:
    sinatra (1.4.0)
      rack (~> 1.3, >= 1.3.6)
      rack-protection (~> 1.2)
      tilt (~> 1.3, >= 1.3.3)

GEM
  remote: http://rubygems.org/
  specs:
    builder (3.1.3)
    chunky_png (1.2.6)
    coffee-script (2.2.0)
      coffee-script-source
      execjs
    coffee-script-source (1.3.3)
    compass (0.12.2)
      chunky_png (~> 1.2)
      fssm (>= 0.2.7)
      sass (~> 3.1)
    daemons (1.1.9)
    eventmachine (1.0.0-x86-mingw32)
    execjs (1.4.0)
      multi_json (~> 1.0)
    fssm (0.2.9)
    multi_json (1.3.6)
    rack-protection (1.2.0)
      rack
    rdiscount (1.6.8)
    sass (3.2.1)
    slim (1.3.2)
      temple (~> 0.5.0)
      tilt (~> 1.3.3)
    temple (0.5.4)
    thin (1.5.0)
      daemons (>= 1.0.9)
      eventmachine (>= 0.12.6)
      rack (>= 1.0.0)
    tilt (1.3.3)

PLATFORMS
  x86-mingw32

DEPENDENCIES
  builder
  coffee-script
  compass
  rack!
  rdiscount
  sass
  sinatra!
  slim
  thin
  tilt
