GIT
  remote: git://github.com/rkh/rack.git
  revision: 6d1bf83fdbac2e599375b5db01b32f4619b9e039
  specs:
    rack (1.4.0)

GIT
  remote: git://github.com/rkh/sinatra.git
  revision: 78784f9391c292c20e33eddbea768a5a911f9f03
  specs:
    sinatra (1.3.0)
      rack (~> 1.3)
      tilt (~> 1.3)

GIT
  remote: git://github.com/rkh/tilt.git
  revision: 851095e1bd442cbec5a56befc3207743dc0a1a09
  specs:
    tilt (1.3.2)

GEM
  remote: http://rubygems.org/
  specs:
    builder (3.0.0)
    chunky_png (1.2.0)
    coffee-script (2.2.0)
      coffee-script-source
      execjs
    coffee-script-source (1.1.1)
    compass (0.11.4)
      chunky_png (~> 1.2)
      fssm (>= 0.2.7)
      sass (~> 3.1)
    daemons (1.1.4)
    eventmachine (0.12.10)
    execjs (1.2.0)
      multi_json (~> 1.0)
    fssm (0.2.7)
    multi_json (1.0.3)
    rdiscount (1.6.8)
    sass (3.1.4)
    slim (0.9.4)
      temple (~> 0.3.0)
      tilt (~> 1.2)
    temple (0.3.2)
    thin (1.2.11)
      daemons (>= 1.0.9)
      eventmachine (>= 0.12.6)
      rack (>= 1.0.0)

PLATFORMS
  ruby

DEPENDENCIES
  builder
  coffee-script
  compass
  rack!
  rdiscount
  sass
  sinatra!
  slim
  thin
  tilt!
